GEM
  remote: https://rubygems.org/
  specs:
    coderay (1.1.2)
    docile (1.3.2)
    method_source (0.9.2)
    minitest (5.14.0)
    pry (0.12.2)
      coderay (~> 1.1.0)
      method_source (~> 0.9.0)
    rake (13.0.1)
    simplecov (0.18.2)
      docile (~> 1.1)
      simplecov-html (~> 0.11)
    simplecov-html (0.12.0)

PLATFORMS
  ruby

DEPENDENCIES
  minitest
  pry
  rake
  simplecov

BUNDLED WITH
   2.1.4
